PATH
  remote: .
  specs:
    metric_system (0.1.0)
      expectation
      sqlite3

GEM
  remote: http://rubygems.org/
  specs:
    docile (1.1.3)
    expectation (0.3.1)
    json (1.8.1)
    metaclass (0.0.4)
    mocha (1.0.0)
      metaclass (~> 0.0.1)
    multi_json (1.9.2)
    rake (10.2.2)
    rdoc (4.1.1)
      json (~> 1.4)
    simplecov (0.8.2)
      docile (~> 1.1.0)
      multi_json
      simplecov-html (~> 0.8.0)
    simplecov-html (0.8.0)
    sqlite3 (1.3.9)
    test-unit (2.5.5)

PLATFORMS
  ruby

DEPENDENCIES
  metric_system!
  mocha
  rake
  rdoc
  simplecov
  test-unit
