PATH
  remote: .
  specs:
    metric_system (0.1.3)
      expectation
      sqlite3

GEM
  remote: http://rubygems.org/
  specs:
    daemons (1.1.9)
    docile (1.1.3)
    eventmachine (1.0.3)
    expectation (0.3.1)
    json (1.8.1)
    metaclass (0.0.4)
    mocha (1.0.0)
      metaclass (~> 0.0.1)
    multi_json (1.9.2)
    rack (1.5.2)
    rack-protection (1.3.2)
      rack
    rake (10.2.2)
    rdoc (4.1.1)
      json (~> 1.4)
    simplecov (0.8.2)
      docile (~> 1.1.0)
      multi_json
      simplecov-html (~> 0.8.0)
    simplecov-html (0.8.0)
    sinatra (1.3.3)
      rack (~> 1.3, >= 1.3.6)
      rack-protection (~> 1.2)
      tilt (~> 1.3, >= 1.3.3)
    sqlite3 (1.3.9)
    test-unit (2.5.5)
    thin (1.6.2)
      daemons (>= 1.0.9)
      eventmachine (>= 1.0.0)
      rack (>= 1.0.0)
    tilt (1.3.3)

PLATFORMS
  ruby

DEPENDENCIES
  metric_system!
  mocha
  rake
  rdoc
  simplecov
  sinatra
  test-unit
  thin
